{
  "TaskName": "vowels",
  "Manufacturer": "Elekta",
  "PowerLineFrequency": 50.0,
  "SamplingFrequency": 1000.0,
  "SoftwareFilters": {
    "SpatialCompensation": {
      "GradientOrder": 0
    }
  },
  "RecordingDuration": 689.999,
  "RecordingType": "continuous",
  "DewarPosition": "n/a",
  "DigitizedLandmarks": true,
  "DigitizedHeadPoints": true,
  "MEGChannelCount": 306,
  "MEGREFChannelCount": 0,
  "ContinuousHeadLocalization": true,
  "HeadCoilFrequency": [
    293.0,
    307.0,
    314.0,
    321.0
  ],
  "EEGChannelCount": 0,
  "EOGChannelCount": 0,
  "ECGChannelCount": 1,
  "EMGChannelCount": 9,
  "MiscChannelCount": 1,
  "TriggerChannelCount": 11
}
